GIT
  remote: git://github.com/daitss/datyl.git
  revision: 53f8c8142a0e2df2fa3a1df0095abb8646ab0483
  specs:
    datyl (0.1.2)

GEM
  remote: http://rubygems.org/
  specs:
    builder (3.0.0)
    columnize (0.3.4)
    cucumber (1.0.2)
      builder (>= 2.1.2)
      diff-lcs (>= 1.1.2)
      gherkin (~> 2.4.5)
      json (>= 1.4.6)
      term-ansicolor (>= 1.0.5)
    daemons (1.1.4)
    diff-lcs (1.1.3)
    eventmachine (0.12.10)
    gherkin (2.4.16)
      json (>= 1.4.6)
    haml (3.1.2)
    json (1.5.4)
    libxml-ruby (2.2.2)
    libxslt-ruby (1.0.1)
      libxml-ruby (>= 2.0.2)
    linecache (0.46)
      rbx-require-relative (> 0.0.4)
    log4r (1.1.9)
    rack (1.3.2)
    rack-test (0.6.1)
      rack (>= 1.0)
    rbx-require-relative (0.0.5)
    rjb (1.3.5)
    rspec (2.6.0)
      rspec-core (~> 2.6.0)
      rspec-expectations (~> 2.6.0)
      rspec-mocks (~> 2.6.0)
    rspec-core (2.6.4)
    rspec-expectations (2.6.0)
      diff-lcs (~> 1.1.2)
    rspec-mocks (2.6.0)
    ruby-debug (0.10.4)
      columnize (>= 0.1)
      ruby-debug-base (~> 0.10.4.0)
    ruby-debug-base (0.10.4)
      linecache (>= 0.3)
    semver (1.0.1)
    sinatra (1.2.6)
      rack (~> 1.1)
      tilt (>= 1.2.2, < 2.0)
    term-ansicolor (1.0.6)
    thin (1.2.11)
      daemons (>= 1.0.9)
      eventmachine (>= 0.12.6)
      rack (>= 1.0.0)
    tilt (1.3.3)

PLATFORMS
  ruby

DEPENDENCIES
  cucumber
  datyl!
  haml
  libxml-ruby
  libxslt-ruby (<= 1.0.1)
  log4r
  rack-test
  rjb
  rspec
  ruby-debug
  semver
  sinatra
  thin
